{
    "Manufacturer": "Philips",
    "PatientPosition": "HFS",
    "SeriesDescription": "ImageMRSERIES",
    "ProtocolName": "task-face_run-5_topup",
    "SeriesNumber": 17,
    "AcquisitionNumber": 17,
    "ImageComments": "NI-edu",
    "PhilipsRescaleSlope": 0.79463,
    "PhilipsRescaleIntercept": 0,
    "PhilipsScaleSlope": 0.0475994,
    "UsePhilipsFloatNotDisplayScaling": 1,
    "EchoTime": 0.03,
    "RepetitionTime": 0.7,
    "ReconMatrixPE": 80,
    "ImageOrientationPatientDICOM": [
        0.992949,
        -0.117962,
        -0.0116941,
        0.103137,
        0.908336,
        -0.405325
    ],
    "ConversionSoftware": "dcm2niix",
    "ConversionSoftwareVersion": "v1.0.20181125  GCC6.3.0",
    "BidsifyVersion": "0.3.5",
    "MagneticFieldStrength": 3,
    "ParallelAcquisitionTechnique": "SENSE",
    "BIDSVersion": "1.1.0",
    "InstitutionName": "Spinoza Centre for Neuroimaging, location REC",
    "IntendedFor": "ses-2/func/sub-03_ses-2_task-face_run-5_bold.nii.gz",
    "PulseSequenceType": "Multiband gradient echo EPI",
    "PhaseEncodingDirection": "j-",
    "SliceEncodingDirection": "k",
    "ParallelReductionFactorInPlane": 1.5,
    "MultibandAccelerationFactor": 4,
    "WaterFatShift": 14.388,
    "FlipAngle": 55,
    "TotalReadoutTime": 0.0325221,
    "EffectiveEchoSpacing": 0.0006136
}