{
    "Manufacturer": "Philips",
    "PatientPosition": "HFS",
    "SeriesDescription": "ImageMRSERIES",
    "ProtocolName": "task-face_acq-Mb4Mm27Tr700_run-6_bold",
    "SeriesNumber": 18,
    "AcquisitionNumber": 18,
    "ImageComments": "NI-edu",
    "PhilipsRescaleSlope": 0.76459,
    "PhilipsRescaleIntercept": 0,
    "PhilipsScaleSlope": 0.0505893,
    "UsePhilipsFloatNotDisplayScaling": 1,
    "EchoTime": 0.03,
    "RepetitionTime": 0.7,
    "ReconMatrixPE": 80,
    "ImageOrientationPatientDICOM": [
        0.992949,
        -0.117962,
        -0.0116941,
        0.103137,
        0.908336,
        -0.405325
    ],
    "ConversionSoftware": "dcm2niix",
    "ConversionSoftwareVersion": "v1.0.20181125  GCC6.3.0",
    "BidsifyVersion": "0.3.5",
    "MagneticFieldStrength": 3,
    "ParallelAcquisitionTechnique": "SENSE",
    "BIDSVersion": "1.1.0",
    "InstitutionName": "Spinoza Centre for Neuroimaging, location REC",
    "PulseSequenceType": "Multiband gradient echo EPI",
    "PhaseEncodingDirection": "j",
    "SliceEncodingDirection": "k",
    "ParallelReductionFactorInPlane": 1.5,
    "MultibandAccelerationFactor": 4,
    "WaterFatShift": 14.388,
    "FlipAngle": 55,
    "TotalReadoutTime": 0.0325221,
    "EffectiveEchoSpacing": 0.0006136,
    "TaskName": "face",
    "SliceTiming": [
        0.0,
        0.06363636363636363,
        0.12727272727272726,
        0.1909090909090909,
        0.2545454545454545,
        0.3181818181818181,
        0.3818181818181818,
        0.44545454545454544,
        0.509090909090909,
        0.5727272727272726,
        0.6363636363636362,
        0.0,
        0.06363636363636363,
        0.12727272727272726,
        0.1909090909090909,
        0.2545454545454545,
        0.3181818181818181,
        0.3818181818181818,
        0.44545454545454544,
        0.509090909090909,
        0.5727272727272726,
        0.6363636363636362,
        0.0,
        0.06363636363636363,
        0.12727272727272726,
        0.1909090909090909,
        0.2545454545454545,
        0.3181818181818181,
        0.3818181818181818,
        0.44545454545454544,
        0.509090909090909,
        0.5727272727272726,
        0.6363636363636362,
        0.0,
        0.06363636363636363,
        0.12727272727272726,
        0.1909090909090909,
        0.2545454545454545,
        0.3181818181818181,
        0.3818181818181818,
        0.44545454545454544,
        0.509090909090909,
        0.5727272727272726,
        0.6363636363636362
    ]
}