{
    "Manufacturer": "Philips",
    "PatientPosition": "HFS",
    "SeriesDescription": "ImageMRSERIES",
    "ProtocolName": "task-flocBLOCKED_topup",
    "SeriesNumber": 14,
    "AcquisitionNumber": 14,
    "ImageComments": "NI-edu",
    "PhilipsRescaleSlope": 0.81905,
    "PhilipsRescaleIntercept": 0,
    "PhilipsScaleSlope": 0.0534941,
    "UsePhilipsFloatNotDisplayScaling": 1,
    "EchoTime": 0.03,
    "RepetitionTime": 0.7,
    "ReconMatrixPE": 80,
    "ImageOrientationPatientDICOM": [
        0.999625,
        -0.0119037,
        0.0246467,
        0.0209392,
        0.9125,
        -0.408541
    ],
    "ConversionSoftware": "dcm2niix",
    "ConversionSoftwareVersion": "v1.0.20181125  GCC6.3.0",
    "BidsifyVersion": "0.3.5",
    "MagneticFieldStrength": 3,
    "ParallelAcquisitionTechnique": "SENSE",
    "BIDSVersion": "1.1.0",
    "InstitutionName": "Spinoza Centre for Neuroimaging, location REC",
    "IntendedFor": "ses-1/func/sub-03_ses-1_task-flocBLOCKED_bold.nii.gz",
    "PulseSequenceType": "Multiband gradient echo EPI",
    "PhaseEncodingDirection": "j-",
    "SliceEncodingDirection": "k",
    "ParallelReductionFactorInPlane": 1.5,
    "MultibandAccelerationFactor": 4,
    "WaterFatShift": 14.388,
    "FlipAngle": 55,
    "TotalReadoutTime": 0.0325221,
    "EffectiveEchoSpacing": 0.0006136
}