{
    "Manufacturer": "Philips",
    "PatientPosition": "HFS",
    "SeriesDescription": "ImageMRSERIES",
    "ProtocolName": "acq-AxialNsig2Mm1_T1w",
    "SeriesNumber": 10,
    "AcquisitionNumber": 10,
    "ImageComments": "NI-edu",
    "PhilipsRescaleSlope": 2.51209,
    "PhilipsRescaleIntercept": 0,
    "PhilipsScaleSlope": 0.00729712,
    "UsePhilipsFloatNotDisplayScaling": 1,
    "EchoTime": 0.00373,
    "RepetitionTime": 0.008144,
    "InversionTime": 0.9,
    "ReconMatrixPE": 240,
    "ImageOrientationPatientDICOM": [
        0.998795,
        0.0315523,
        0.0375831,
        -0.0312139,
        0.999467,
        -0.0095561
    ],
    "ConversionSoftware": "dcm2niix",
    "ConversionSoftwareVersion": "v1.0.20181125  GCC6.3.0",
    "BidsifyVersion": "0.3.5",
    "MagneticFieldStrength": 3,
    "ParallelAcquisitionTechnique": "SENSE",
    "BIDSVersion": "1.1.0",
    "InstitutionName": "Spinoza Centre for Neuroimaging, location REC"
}